PATH
  remote: .
  specs:
    mfi (0.9.1)
      json (>= 1.8.1)
      net-ssh (>= 2.0.0)

GEM
  remote: http://rubygems.org/
  specs:
    json (1.8.1)
    net-ssh (2.9.1)

PLATFORMS
  ruby

DEPENDENCIES
  mfi!
