PATH
  remote: .
  specs:
    mfi (0.9.0)
      json (>= 1.8.1)
      ssh (>= 1.1.0)

GEM
  remote: http://rubygems.org/
  specs:
    json (1.8.1)
    open4 (1.3.0)
    ssh (1.1.0)
      open4 (~> 1.0)

PLATFORMS
  ruby

DEPENDENCIES
  mfi!
